PATH
  remote: .
  specs:
    genetic-algorithm-resolver (0.1.0)

GEM
  remote: https://rubygems.org/
  specs:
    debase (0.2.4.1)
      debase-ruby_core_source (>= 0.10.2)
    debase-ruby_core_source (0.10.6)
    minitest (5.11.3)
    rake (12.3.3)
    ruby-debug-ide (0.7.0)
      rake (>= 0.8.1)

PLATFORMS
  ruby

DEPENDENCIES
  bundler (~> 2.0)
  debase (~> 0.2)
  genetic-algorithm-resolver!
  minitest (~> 5.0)
  rake (~> 12.3.2)
  ruby-debug-ide (~> 0.7)

BUNDLED WITH
   2.0.1
